PATH
  remote: /mock
  specs:
    glint-mock (0.1.0)
      cucumber
      json
      webrick

GEM
  remote: https://rubygems.org/
  specs:
    builder (3.2.3)
    cucumber (2.4.0)
      builder (>= 2.1.2)
      cucumber-core (~> 1.5.0)
      cucumber-wire (~> 0.0.1)
      diff-lcs (>= 1.1.3)
      gherkin (~> 4.0)
      multi_json (>= 1.7.5, < 2.0)
      multi_test (>= 0.1.2)
    cucumber-core (1.5.0)
      gherkin (~> 4.0)
    cucumber-wire (0.0.1)
    diff-lcs (1.3)
    gherkin (4.1.3)
    json (2.1.0)
    multi_json (1.12.1)
    multi_test (0.1.2)
    webrick (1.3.1)

PLATFORMS
  ruby

DEPENDENCIES
  glint-mock!

BUNDLED WITH
   1.15.1
